GEM
  remote: http://rubygems.org/
  specs:
    ffi (1.2.0)

PLATFORMS
  ruby

DEPENDENCIES
  ffi
